GEM
  remote: http://rubygems.org/
  specs:
    diff-lcs (1.1.3)
    flickraw (0.8.4)
      json (>= 1.1.1)
    flickraw-cached (20100707.1)
      flickraw
    git (1.2.5)
    haml (3.1.3)
    jeweler (1.6.4)
      bundler (~> 1.0)
      git (>= 1.2.5)
      rake
    json (1.6.1)
    rack (1.3.5)
    rack-protection (1.1.4)
      rack
    rake (0.8.7)
    rspec (2.7.0)
      rspec-core (~> 2.7.0)
      rspec-expectations (~> 2.7.0)
      rspec-mocks (~> 2.7.0)
    rspec-core (2.7.1)
    rspec-expectations (2.7.0)
      diff-lcs (~> 1.1.2)
    rspec-mocks (2.7.0)
    sinatra (1.3.1)
      rack (~> 1.3, >= 1.3.4)
      rack-protection (~> 1.1, >= 1.1.2)
      tilt (~> 1.3, >= 1.3.3)
    tilt (1.3.3)

PLATFORMS
  ruby

DEPENDENCIES
  flickraw (= 0.8.4)
  flickraw-cached
  haml (~> 3.0)
  jeweler (~> 1.0)
  rspec
  sinatra (~> 1.0)
