GEM
  remote: http://rubygems.org/
  specs:
    git (1.2.5)
    haml (3.1.3)
    jeweler (1.6.4)
      bundler (~> 1.0)
      git (>= 1.2.5)
      rake
    rack (1.3.5)
    rack-protection (1.1.4)
      rack
    rake (0.8.7)
    sinatra (1.3.1)
      rack (~> 1.3, >= 1.3.4)
      rack-protection (~> 1.1, >= 1.1.2)
      tilt (~> 1.3, >= 1.3.3)
    tilt (1.3.3)

PLATFORMS
  ruby

DEPENDENCIES
  haml
  jeweler
  sinatra
